GEM
  remote: http://rubygems.org/
  specs:
    ZenTest (4.4.0)
    abstract (1.0.0)
    actionmailer (3.0.0)
      actionpack (= 3.0.0)
      mail (~> 2.2.5)
    actionpack (3.0.0)
      activemodel (= 3.0.0)
      activesupport (= 3.0.0)
      builder (~> 2.1.2)
      erubis (~> 2.6.6)
      i18n (~> 0.4.1)
      rack (~> 1.2.1)
      rack-mount (~> 0.6.12)
      rack-test (~> 0.5.4)
      tzinfo (~> 0.3.23)
    activemodel (3.0.0)
      activesupport (= 3.0.0)
      builder (~> 2.1.2)
      i18n (~> 0.4.1)
    activerecord (3.0.0)
      activemodel (= 3.0.0)
      activesupport (= 3.0.0)
      arel (~> 1.0.0)
      tzinfo (~> 0.3.23)
    activeresource (3.0.0)
      activemodel (= 3.0.0)
      activesupport (= 3.0.0)
    activesupport (3.0.0)
    arel (1.0.1)
      activesupport (~> 3.0.0)
    autotest (4.4.1)
    autotest-rails (4.1.0)
      ZenTest
    builder (2.1.2)
    capybara (0.3.9)
      culerity (>= 0.2.4)
      mime-types (>= 1.16)
      nokogiri (>= 1.3.3)
      rack (>= 1.0.0)
      rack-test (>= 0.5.4)
      selenium-webdriver (>= 0.0.3)
    capybara-envjs (0.1.6)
      capybara (>= 0.3.9)
      envjs (>= 0.3.7)
    childprocess (0.1.3)
      ffi (~> 0.6.3)
    columnize (0.3.1)
    configuration (1.1.0)
    cucumber (0.9.2)
      builder (~> 2.1.2)
      diff-lcs (~> 1.1.2)
      gherkin (~> 2.2.5)
      json (~> 1.4.6)
      term-ansicolor (~> 1.0.5)
    cucumber-rails (0.3.2)
      cucumber (>= 0.8.0)
    culerity (0.2.12)
    database_cleaner (0.5.2)
    diff-lcs (1.1.2)
    envjs (0.3.8)
      johnson (>= 2.0.0.pre3)
    erubis (2.6.6)
      abstract (>= 1.0.0)
    ffi (0.6.3)
      rake (>= 0.8.7)
    gherkin (2.2.9)
      json (~> 1.4.6)
      term-ansicolor (~> 1.0.5)
    i18n (0.4.1)
    johnson (2.0.0.pre3)
      stackdeck (~> 0.2)
    jquery-rails (0.2.4)
      rails (~> 3.0)
    json (1.4.6)
    json_pure (1.4.6)
    launchy (0.3.7)
      configuration (>= 0.0.5)
      rake (>= 0.8.1)
    linecache (0.43)
    machinist (2.0.0.beta2)
    mail (2.2.7)
      activesupport (>= 2.3.6)
      mime-types
      treetop (>= 1.4.5)
    mime-types (1.16)
    nokogiri (1.4.3.1)
    polyglot (0.3.1)
    rack (1.2.1)
    rack-mount (0.6.13)
      rack (>= 1.0.0)
    rack-test (0.5.6)
      rack (>= 1.0)
    rails (3.0.0)
      actionmailer (= 3.0.0)
      actionpack (= 3.0.0)
      activerecord (= 3.0.0)
      activeresource (= 3.0.0)
      activesupport (= 3.0.0)
      bundler (~> 1.0.0)
      railties (= 3.0.0)
    railties (3.0.0)
      actionpack (= 3.0.0)
      activesupport (= 3.0.0)
      rake (>= 0.8.4)
      thor (~> 0.14.0)
    rake (0.8.7)
    rpx_now (0.6.23)
      json_pure
    rspec (2.0.0)
      rspec-core (= 2.0.0)
      rspec-expectations (= 2.0.0)
      rspec-mocks (= 2.0.0)
    rspec-core (2.0.0)
    rspec-expectations (2.0.0)
      diff-lcs (>= 1.1.2)
    rspec-mocks (2.0.0)
      rspec-core (= 2.0.0)
      rspec-expectations (= 2.0.0)
    rspec-rails (2.0.1)
      rspec (~> 2.0.0)
    ruby-debug (0.10.3)
      columnize (>= 0.1)
      ruby-debug-base (~> 0.10.3.0)
    ruby-debug-base (0.10.3)
      linecache (>= 0.3)
    rubyzip (0.9.4)
    selenium-webdriver (0.0.29)
      childprocess (>= 0.0.7)
      ffi (~> 0.6.3)
      json_pure
      rubyzip
    sqlite3-ruby (1.3.1)
    stackdeck (0.2.0)
    term-ansicolor (1.0.5)
    test_notifier (0.3.4)
    thor (0.14.3)
    treetop (1.4.8)
      polyglot (>= 0.3.1)
    tzinfo (0.3.23)

PLATFORMS
  ruby

DEPENDENCIES
  ZenTest
  autotest
  autotest-rails
  capybara
  capybara-envjs
  cucumber
  cucumber-rails
  database_cleaner
  jquery-rails
  launchy
  machinist (>= 2.0.0.beta2)
  rails (= 3.0.0)
  rpx_now
  rspec-rails (>= 2.0.1)
  ruby-debug
  sqlite3-ruby
  test_notifier
